GEM
  specs:
    connection_pool (2.3.0)
    redis (5.0.5)
      redis-client (>= 0.9.0)
    redis-client (0.11.2)
      connection_pool

PLATFORMS
  universal-darwin-21

DEPENDENCIES
  redis

BUNDLED WITH
   2.3.17
